GEM
  remote: https://rubygems.org/
  specs:
    excon (0.71.0)
    json (2.2.0)
    mustermann (1.0.3)
    rack (2.2.3)
    rack-protection (2.0.7)
      rack
    sinatra (2.0.7)
      mustermann (~> 1.0)
      rack (~> 2.0)
      rack-protection (= 2.0.7)
      tilt (~> 2.0)
    tilt (2.0.10)

PLATFORMS
  ruby

DEPENDENCIES
  excon
  json
  sinatra

BUNDLED WITH
   2.0.1
